GEM
  remote: https://rubygems.org/
  specs:
    rack (2.0.1)
    sinatra (1.0)
      rack (>= 1.0)

PLATFORMS
  ruby

DEPENDENCIES
  sinatra

BUNDLED WITH
   1.11.2
